GIT
  remote: https://github.com/MichaelCurrin/jekyll-resize
  revision: 917a7572d0318e40f4a420d5b2ce9e8dbe16776c
  specs:
    jekyll-resize (1.3.1)
      jekyll (> 3.3, < 5.0)
      mini_magick (~> 4.8)

GEM
  remote: https://rubygems.org/
  specs:
    addressable (2.8.7)
      public_suffix (>= 2.0.2, < 7.0)
    builder (3.3.0)
    colorator (1.1.0)
    concurrent-ruby (1.3.5)
    crass (1.0.6)
    date (3.4.1)
    dotenv (2.8.1)
    em-websocket (0.5.3)
      eventmachine (>= 0.12.9)
      http_parser.rb (~> 0)
    eventmachine (1.2.7)
    feed-normalizer (1.5.2)
      hpricot (>= 0.6)
      simple-rss (>= 1.1)
    ffi (1.17.1)
    forwardable-extended (2.6.0)
    hpricot (0.8.6)
    http_parser.rb (0.8.0)
    i18n (1.14.7)
      concurrent-ruby (~> 1.0)
    jekyll (4.2.2)
      addressable (~> 2.4)
      colorator (~> 1.0)
      em-websocket (~> 0.5)
      i18n (~> 1.0)
      jekyll-sass-converter (~> 2.0)
      jekyll-watch (~> 2.0)
      kramdown (~> 2.3)
      kramdown-parser-gfm (~> 1.0)
      liquid (~> 4.0)
      mercenary (~> 0.4.0)
      pathutil (~> 0.9)
      rouge (~> 3.0)
      safe_yaml (~> 1.0)
      terminal-table (~> 2.0)
    jekyll-feed (0.17.0)
      jekyll (>= 3.7, < 5.0)
    jekyll-import (0.25.0)
      jekyll (>= 3.7, < 5.0)
      nokogiri (~> 1.0)
      reverse_markdown (>= 2.1, < 4.0)
    jekyll-sass-converter (2.2.0)
      sassc (> 2.0.1, < 3.0)
    jekyll-watch (2.2.1)
      listen (~> 3.0)
    json (2.9.1)
    kramdown (2.5.1)
      rexml (>= 3.3.9)
    kramdown-parser-gfm (1.1.0)
      kramdown (~> 2.0)
    liquid (4.0.4)
    listen (3.9.0)
      rb-fsevent (~> 0.10, >= 0.10.3)
      rb-inotify (~> 0.9, >= 0.9.10)
    mercenary (0.4.0)
    mini_magick (4.13.2)
    mini_portile2 (2.8.8)
    net-http (0.6.0)
      uri
    nokogiri (1.15.7)
      mini_portile2 (~> 2.8.2)
      racc (~> 1.4)
    pathutil (0.16.2)
      forwardable-extended (~> 2.6)
    public_suffix (5.1.1)
    racc (1.8.1)
    rb-fsevent (0.11.2)
    rb-inotify (0.11.1)
      ffi (~> 1.0)
    reverse_markdown (3.0.0)
      nokogiri
    rexml (3.4.0)
    rouge (3.30.0)
    rss (0.3.1)
      rexml
    safe_yaml (1.0.5)
    sanitize (6.1.3)
      crass (~> 1.0.2)
      nokogiri (>= 1.12.0)
    sassc (2.4.0)
      ffi (~> 1.9)
    simple-rss (1.3.3)
    terminal-table (2.0.0)
      unicode-display_width (~> 1.1, >= 1.1.1)
    time (0.4.1)
      date
    to_slug (1.0.8)
    unicode-display_width (1.8.0)
    uri (1.0.2)
    webrick (1.9.1)
    yaml (0.4.0)

PLATFORMS
  ruby

DEPENDENCIES
  builder
  dotenv
  feed-normalizer
  http_parser.rb (~> 0.6.0)
  jekyll (~> 4.2.2)
  jekyll-feed (~> 0.12)
  jekyll-import
  jekyll-resize!
  json
  net-http
  nokogiri
  rss
  safe_yaml
  sanitize
  time
  to_slug
  tzinfo (~> 1.2)
  tzinfo-data
  wdm (~> 0.1.1)
  webrick (~> 1.7)
  yaml

BUNDLED WITH
   2.1.4
