GIT
  remote: https://github.com/MichaelCurrin/jekyll-resize
  revision: 0bbf5937cc110012810b1d92432301a9ed25a296
  specs:
    jekyll-resize (1.3.0)
      jekyll (> 3.3, < 5.0)
      mini_magick (~> 4.8)

GIT
  remote: https://github.com/maximevaillancourt/jekyll-last-modified-at
  revision: e0c918691db625401ef5850a030da59d0124d356
  branch: add-support-for-files-in-git-submodules
  specs:
    jekyll-last-modified-at (1.3.0)
      jekyll (>= 3.7, < 5.0)
      posix-spawn (~> 0.3.9)

GEM
  remote: https://rubygems.org/
  specs:
    addressable (2.8.4)
      public_suffix (>= 2.0.2, < 6.0)
    builder (3.2.4)
    colorator (1.1.0)
    concurrent-ruby (1.2.2)
    crass (1.0.6)
    date (3.3.3)
    dotenv (2.8.1)
    em-websocket (0.5.3)
      eventmachine (>= 0.12.9)
      http_parser.rb (~> 0)
    eventmachine (1.2.7)
    feed-normalizer (1.5.2)
      hpricot (>= 0.6)
      simple-rss (>= 1.1)
    ffi (1.15.5)
    forwardable-extended (2.6.0)
    hpricot (0.8.6)
    http_parser.rb (0.8.0)
    i18n (1.14.1)
      concurrent-ruby (~> 1.0)
    jekyll (4.2.2)
      addressable (~> 2.4)
      colorator (~> 1.0)
      em-websocket (~> 0.5)
      i18n (~> 1.0)
      jekyll-sass-converter (~> 2.0)
      jekyll-watch (~> 2.0)
      kramdown (~> 2.3)
      kramdown-parser-gfm (~> 1.0)
      liquid (~> 4.0)
      mercenary (~> 0.4.0)
      pathutil (~> 0.9)
      rouge (~> 3.0)
      safe_yaml (~> 1.0)
      terminal-table (~> 2.0)
    jekyll-feed (0.17.0)
      jekyll (>= 3.7, < 5.0)
    jekyll-import (0.22.0)
      jekyll (>= 3.7, < 5.0)
      nokogiri (~> 1.0)
      reverse_markdown (~> 2.1)
    jekyll-sass-converter (2.2.0)
      sassc (> 2.0.1, < 3.0)
    jekyll-watch (2.2.1)
      listen (~> 3.0)
    json (2.6.3)
    kramdown (2.4.0)
      rexml
    kramdown-parser-gfm (1.1.0)
      kramdown (~> 2.0)
    liquid (4.0.4)
    listen (3.8.0)
      rb-fsevent (~> 0.10, >= 0.10.3)
      rb-inotify (~> 0.9, >= 0.9.10)
    mercenary (0.4.0)
    mini_magick (4.12.0)
    mini_portile2 (2.8.4)
    net-http (0.4.1)
      uri
    nokogiri (1.15.3)
      mini_portile2 (~> 2.8.2)
      racc (~> 1.4)
    pathutil (0.16.2)
      forwardable-extended (~> 2.6)
    posix-spawn (0.3.15)
    public_suffix (5.0.3)
    racc (1.7.1)
    rb-fsevent (0.11.2)
    rb-inotify (0.10.1)
      ffi (~> 1.0)
    reverse_markdown (2.1.1)
      nokogiri
    rexml (3.2.6)
    rouge (3.30.0)
    rss (0.2.9)
      rexml
    safe_yaml (1.0.5)
    sanitize (6.0.2)
      crass (~> 1.0.2)
      nokogiri (>= 1.12.0)
    sassc (2.4.0)
      ffi (~> 1.9)
    simple-rss (1.3.3)
    terminal-table (2.0.0)
      unicode-display_width (~> 1.1, >= 1.1.1)
    time (0.2.2)
      date
    to_slug (1.0.8)
    unicode-display_width (1.8.0)
    uri (0.13.0)
    webrick (1.8.1)
    yaml (0.2.1)

PLATFORMS
  ruby

DEPENDENCIES
  builder
  dotenv
  feed-normalizer
  http_parser.rb (~> 0.6.0)
  jekyll (~> 4.2.2)
  jekyll-feed (~> 0.12)
  jekyll-import
  jekyll-last-modified-at!
  jekyll-resize!
  json
  net-http
  nokogiri
  rss
  safe_yaml
  sanitize
  time
  to_slug
  tzinfo (~> 1.2)
  tzinfo-data
  wdm (~> 0.1.1)
  webrick (~> 1.7)
  yaml

BUNDLED WITH
   2.1.4
